PATH
  remote: .
  specs:
    pxmyportal (0.0.1)
      http-cookie
      nokogiri

GEM
  remote: https://rubygems.org/
  specs:
    ast (2.4.2)
    domain_name (0.5.20190701)
      unf (>= 0.0.5, < 1.0.0)
    http-cookie (1.0.5)
      domain_name (~> 0.5)
    json (2.6.1)
    mini_portile2 (2.8.2)
    nokogiri (1.15.2)
      mini_portile2 (~> 2.8.2)
      racc (~> 1.4)
    parallel (1.21.0)
    parser (3.2.2.0)
      ast (~> 2.4.1)
    power_assert (2.0.1)
    racc (1.6.0)
    rainbow (3.0.0)
    rake (13.0.6)
    regexp_parser (2.0.0)
    rexml (3.2.5)
    rubocop (1.48.1)
      json (~> 2.3)
      parallel (~> 1.10)
      parser (>= 3.2.0.0)
      rainbow (>= 2.2.2, < 4.0)
      regexp_parser (>= 1.8, < 3.0)
      rexml (>= 3.2.5, < 4.0)
      rubocop-ast (>= 1.26.0, < 2.0)
      ruby-progressbar (~> 1.7)
      unicode-display_width (>= 2.4.0, < 3.0)
    rubocop-ast (1.28.0)
      parser (>= 3.2.1.0)
    ruby-progressbar (1.10.1)
    test-unit (3.5.3)
      power_assert
    unf (0.1.4)
      unf_ext
    unf_ext (0.0.8.2)
    unicode-display_width (2.4.2)

PLATFORMS
  x86_64-linux

DEPENDENCIES
  pxmyportal!
  rake (~> 13.0)
  rubocop (~> 1.21)
  test-unit (~> 3.0)

BUNDLED WITH
   2.3.26
